PATH
  remote: .
  specs:
    hop (0.1.0)
      activesupport (~> 3.2)
      awesome_print
      coaster (~> 0.0.1)
      faraday (~> 0.9.1)
      faraday_middleware (~> 0.10.0)
      oj (~> 2.9)

GEM
  remote: http://rubygems.org/
  specs:
    activesupport (3.2.22)
      i18n (~> 0.6, >= 0.6.4)
      multi_json (~> 1.0)
    awesome_print (1.6.1)
    binding_of_caller (0.7.2)
      debug_inspector (>= 0.0.1)
    byebug (8.2.1)
    coaster (0.0.2)
      activesupport (~> 3.0)
      i18n (~> 0.6)
      rake (~> 10.0)
    coderay (1.1.0)
    debug_inspector (0.0.2)
    faraday (0.9.2)
      multipart-post (>= 1.2, < 3)
    faraday_middleware (0.10.0)
      faraday (>= 0.7.4, < 0.10)
    i18n (0.7.0)
    metaclass (0.0.4)
    method_source (0.8.2)
    minitest (5.8.3)
    mocha (1.1.0)
      metaclass (~> 0.0.1)
    multi_json (1.11.2)
    multipart-post (2.0.0)
    oj (2.14.3)
    pry (0.10.3)
      coderay (~> 1.1.0)
      method_source (~> 0.8.1)
      slop (~> 3.4)
    pry-byebug (3.3.0)
      byebug (~> 8.0)
      pry (~> 0.10)
    pry-stack_explorer (0.4.9.2)
      binding_of_caller (>= 0.7)
      pry (>= 0.9.11)
    rake (10.4.2)
    shoulda (3.5.0)
      shoulda-context (~> 1.0, >= 1.0.1)
      shoulda-matchers (>= 1.4.1, < 3.0)
    shoulda-context (1.2.1)
    shoulda-matchers (2.8.0)
      activesupport (>= 3.0.0)
    slop (3.6.0)

PLATFORMS
  ruby

DEPENDENCIES
  bundler (~> 1.0)
  hop!
  minitest (~> 5.0)
  mocha (~> 1.0)
  pry (~> 0.8)
  pry-byebug (~> 3.0)
  pry-stack_explorer (~> 0.4)
  shoulda (~> 3.0)
  shoulda-context (~> 1.0)

BUNDLED WITH
   1.10.6
